PATH
  remote: .
  specs:
    rulers (0.0.1)
      rack (~> 2.0, >= 2.0.8)

GEM
  remote: https://rubygems.org/
  specs:
    minitest (5.18.0)
    rack (2.2.6.4)
    rack-test (2.1.0)
      rack (>= 1.3)
    rake (13.0.6)

PLATFORMS
  x86_64-darwin-21

DEPENDENCIES
  minitest
  rack-test
  rake (~> 13.0)
  rulers!

BUNDLED WITH
   2.3.13
