PATH
  remote: .
  specs:
    rulers (0.0.2)
      erubis
      multi_json
      rack (~> 2.0, >= 2.0.8)
      sqlite3

GEM
  remote: https://rubygems.org/
  specs:
    erubis (2.7.0)
    minitest (5.18.0)
    multi_json (1.15.0)
    rack (2.2.6.4)
    rack-test (2.1.0)
      rack (>= 1.3)
    rake (13.0.6)
    sqlite3 (1.6.2-x86_64-darwin)

PLATFORMS
  x86_64-darwin-21

DEPENDENCIES
  minitest
  rack-test
  rake (~> 13.0)
  rulers!

BUNDLED WITH
   2.3.13
